GIT
  remote: https://github.com/schucode/pig_latin.git
  revision: 4d9d30f67e781286ba2d34f0f619603df4f9f3d0
  specs:
    pig_latin (0.0.1)

GEM
  remote: https://rubygems.org/
  specs:
    rack (1.5.2)
    rack-protection (1.5.3)
      rack
    sinatra (1.4.5)
      rack (~> 1.4)
      rack-protection (~> 1.4)
      tilt (~> 1.3, >= 1.3.4)
    tilt (1.4.1)

PLATFORMS
  ruby

DEPENDENCIES
  pig_latin!
  sinatra
